GEM
  remote: http://rubygems.org/
  specs:
    haml (3.1.4)
    kgio (2.7.2)
    rack (1.4.1)
    rack-protection (1.2.0)
      rack
    rainbows (4.3.1)
      kgio (~> 2.5)
      rack (~> 1.1)
      unicorn (~> 4.1)
    raindrops (0.8.0)
    redis (2.2.2)
    sass (3.1.12)
    sinatra (1.3.2)
      rack (~> 1.3, >= 1.3.6)
      rack-protection (~> 1.2)
      tilt (~> 1.3, >= 1.3.3)
    tilt (1.3.3)
    unicorn (4.1.1)
      kgio (~> 2.4)
      rack
      raindrops (~> 0.6)

PLATFORMS
  ruby

DEPENDENCIES
  haml
  rainbows
  redis
  sass
  sinatra
